GEM
  remote: https://rubygems.org/
  specs:
    arkana (1.4.0)
      dotenv (~> 2.7)
      rainbow (~> 3.1.1)
      yaml (~> 0.2)
    dotenv (2.8.1)
    rainbow (3.1.1)
    yaml (0.2.1)

PLATFORMS
  arm64-darwin-21

DEPENDENCIES
  arkana

BUNDLED WITH
   2.3.13
